PATH
  remote: .
  specs:
    pocky (1.0.0)
      ruby-graphviz (~> 1)

GEM
  remote: https://rubygems.org/
  specs:
    diff-lcs (1.4.4)
    rake (13.0.3)
    rexml (3.2.4)
    rspec (3.10.0)
      rspec-core (~> 3.10.0)
      rspec-expectations (~> 3.10.0)
      rspec-mocks (~> 3.10.0)
    rspec-core (3.10.1)
      rspec-support (~> 3.10.0)
    rspec-expectations (3.10.1)
      diff-lcs (>= 1.2.0, < 2.0)
      rspec-support (~> 3.10.0)
    rspec-mocks (3.10.1)
      diff-lcs (>= 1.2.0, < 2.0)
      rspec-support (~> 3.10.0)
    rspec-support (3.10.1)
    ruby-graphviz (1.2.5)
      rexml

PLATFORMS
  x86_64-darwin-18

DEPENDENCIES
  pocky!
  rake (~> 13.0)
  rspec (~> 3.0)

BUNDLED WITH
   2.2.3
