PATH
  remote: .
  specs:
    testgem (0.1.0)

GEM
  remote: https://rubygems.org/
  specs:
    diff-lcs (1.6.0)
    rake (13.2.1)
    rspec-core (3.13.3)
      rspec-support (~> 3.13.0)
    rspec-expectations (3.13.3)
      diff-lcs (>= 1.2.0, < 2.0)
      rspec-support (~> 3.13.0)
    rspec-support (3.13.2)

PLATFORMS
  ruby
  x86_64-linux

DEPENDENCIES
  rake (~> 13.0)
  rspec-core
  rspec-expectations
  testgem!

BUNDLED WITH
   2.5.22
