GEM
  remote: https://rubygems.org/
  specs:
    diff-lcs (1.5.0)
    eventide-postgres (2.0.1.0)
      evt-consumer-postgres
      evt-entity_snapshot-postgres
      evt-entity_store
    evt-async_invocation (2.0.0.4)
    evt-attribute (2.0.0.0)
    evt-casing (2.0.0.1)
    evt-clock (2.3.1.1)
      evt-mimic
    evt-component_host (2.1.0.0)
      evt-async_invocation
      evt-casing
      evt-log
      evt-virtual
      ntl-actor
    evt-configure (2.0.0.1)
    evt-consumer (2.3.1.4)
      evt-configure
      evt-messaging
      evt-poll
      evt-settings
      ntl-actor
    evt-consumer-postgres (2.3.2.1)
      evt-consumer
      evt-messaging-postgres
    evt-dependency (2.2.0.0)
      evt-subst_attr
    evt-entity_cache (2.0.1.3)
      evt-configure
      evt-message_store
      evt-settings
      evt-telemetry
    evt-entity_projection (2.0.1.3)
      evt-messaging
    evt-entity_snapshot-postgres (2.1.1.0)
      evt-entity_store
      evt-messaging-postgres
    evt-entity_store (2.0.4.0)
      evt-entity_cache
      evt-entity_projection
    evt-identifier-uuid (2.1.0.2)
    evt-initializer (2.0.0.0)
      evt-attribute
    evt-invocation (2.2.0.0)
    evt-log (2.1.1.2)
      evt-clock
      evt-dependency
      evt-initializer
      evt-telemetry
      terminal_colors
    evt-message_store (2.4.0.0)
      evt-async_invocation
      evt-casing
      evt-identifier-uuid
      evt-initializer
      evt-schema
      evt-transform
      evt-virtual
    evt-message_store-postgres (2.5.1.0)
      evt-log
      evt-message_store
      evt-settings
      message-db
      pg
    evt-messaging (2.7.0.2)
      evt-message_store
      evt-settings
    evt-messaging-postgres (2.0.0.0)
      evt-message_store-postgres
      evt-messaging
    evt-mimic (2.6.0.0)
      evt-record_invocation
    evt-poll (2.0.0.0)
      evt-clock
      evt-log
      evt-telemetry
    evt-record_invocation (2.0.0.0)
      evt-invocation
    evt-reflect (2.2.0.1)
    evt-schema (2.3.1.5)
      evt-attribute
      evt-initializer
      evt-set_attributes
      evt-validate
      evt-virtual
    evt-set_attributes (2.2.0.1)
    evt-settings (2.1.1.6)
      evt-attribute
    evt-subst_attr (2.3.0.0)
      evt-attribute
      evt-mimic
      evt-reflect
    evt-telemetry (2.4.0.2)
      evt-clock
      evt-dependency
    evt-transform (2.0.0.0)
      evt-log
      evt-reflect
    evt-try (2.0.0.0)
    evt-validate (2.0.0.0)
      evt-reflect
    evt-virtual (2.1.0.2)
    message-db (3.0.0)
    ntl-actor (1.4.1)
    pg (1.5.3)
    rspec (3.12.0)
      rspec-core (~> 3.12.0)
      rspec-expectations (~> 3.12.0)
      rspec-mocks (~> 3.12.0)
    rspec-core (3.12.2)
      rspec-support (~> 3.12.0)
    rspec-expectations (3.12.3)
      diff-lcs (>= 1.2.0, < 2.0)
      rspec-support (~> 3.12.0)
    rspec-mocks (3.12.6)
      diff-lcs (>= 1.2.0, < 2.0)
      rspec-support (~> 3.12.0)
    rspec-support (3.12.1)
    terminal_colors (1.0.0)
    trueskill (1.0.0)

PLATFORMS
  arm64-darwin-22
  x86_64-darwin-19

DEPENDENCIES
  eventide-postgres
  evt-component_host
  evt-try
  rspec
  trueskill

BUNDLED WITH
   2.3.24
