PATH
  remote: .
  specs:
    visualize_packwerk (0.2.1)
      code_ownership
      packs
      parse_packwerk
      rake
      ruby-graphviz
      sorbet-runtime

GEM
  remote: https://rubygems.org/
  specs:
    ast (2.4.2)
    code_ownership (1.32.17)
      code_teams (~> 1.0)
      packs
      sorbet-runtime
    code_teams (1.0.1)
      sorbet-runtime
    coderay (1.1.3)
    diff-lcs (1.5.0)
    method_source (1.0.0)
    netrc (0.11.0)
    packs (0.0.6)
      sorbet-runtime
    parallel (1.22.1)
    parse_packwerk (0.19.1)
      sorbet-runtime
    parser (3.1.2.1)
      ast (~> 2.4.1)
    pry (0.14.1)
      coderay (~> 1.1)
      method_source (~> 1.0)
    rake (13.0.6)
    rbi (0.0.15)
      ast
      parser (>= 2.6.4.0)
      sorbet-runtime (>= 0.5.9204)
      unparser
    rexml (3.2.5)
    rspec (3.11.0)
      rspec-core (~> 3.11.0)
      rspec-expectations (~> 3.11.0)
      rspec-mocks (~> 3.11.0)
    rspec-core (3.11.0)
      rspec-support (~> 3.11.0)
    rspec-expectations (3.11.0)
      diff-lcs (>= 1.2.0, < 2.0)
      rspec-support (~> 3.11.0)
    rspec-mocks (3.11.1)
      diff-lcs (>= 1.2.0, < 2.0)
      rspec-support (~> 3.11.0)
    rspec-support (3.11.0)
    ruby-graphviz (1.2.5)
      rexml
    sorbet (0.5.10323)
      sorbet-static (= 0.5.10323)
    sorbet-runtime (0.5.10323)
    sorbet-static (0.5.10323-universal-darwin-20)
    sorbet-static (0.5.10323-universal-darwin-21)
    sorbet-static (0.5.10323-x86_64-linux)
    sorbet-static-and-runtime (0.5.10323)
      sorbet (= 0.5.10323)
      sorbet-runtime (= 0.5.10323)
    spoom (1.1.11)
      sorbet (>= 0.5.9204)
      sorbet-runtime (>= 0.5.9204)
      thor (>= 0.19.2)
    tapioca (0.9.2)
      bundler (>= 1.17.3)
      netrc (>= 0.11.0)
      parallel (>= 1.21.0)
      pry (>= 0.12.2)
      rbi (~> 0.0.0, >= 0.0.14)
      sorbet-static-and-runtime (>= 0.5.9204)
      spoom (~> 1.1.0, >= 1.1.11)
      thor (>= 1.2.0)
      yard-sorbet
    thor (1.2.1)
    unparser (0.6.5)
      diff-lcs (~> 1.3)
      parser (>= 3.1.0)
    webrick (1.7.0)
    yard (0.9.28)
      webrick (~> 1.7.0)
    yard-sorbet (0.6.1)
      sorbet-runtime (>= 0.5)
      yard (>= 0.9)

PLATFORMS
  arm64-darwin-20
  arm64-darwin-21
  x86_64-linux

DEPENDENCIES
  bundler (~> 2.2.16)
  rspec (~> 3.0)
  sorbet
  tapioca
  visualize_packwerk!

BUNDLED WITH
   2.2.33
