GIT
  remote: https://github.com/shageman/parse_packwerk.git
  revision: 1cbce3d1579e3d1125f82627564bd4fb6d7ebcb7
  specs:
    parse_packwerk (0.19.3)
      sorbet-runtime

PATH
  remote: .
  specs:
    visualize_packwerk (0.2.2)
      packs
      parse_packwerk

GEM
  remote: https://rubygems.org/
  specs:
    packs (0.0.6)
      sorbet-runtime
    sorbet-runtime (0.5.10461)

PLATFORMS
  arm64-darwin-20
  arm64-darwin-21
  arm64-darwin-22
  x86_64-darwin-19
  x86_64-linux

DEPENDENCIES
  bundler
  parse_packwerk!
  visualize_packwerk!

BUNDLED WITH
   2.3.21
