PATH
  remote: .
  specs:
    parse_packwerk (0.19.3)
      sorbet-runtime

GEM
  remote: https://rubygems.org/
  specs:
    ast (2.4.2)
    awesome_print (1.9.2)
    coderay (1.1.3)
    diff-lcs (1.5.0)
    hashdiff (1.0.1)
    method_source (1.0.0)
    parser (3.1.0.0)
      ast (~> 2.4.1)
    pry (0.14.1)
      coderay (~> 1.1)
      method_source (~> 1.0)
    rake (13.0.6)
    rbi (0.0.11)
      ast
      parser
      sorbet-runtime (>= 0.5.9204)
      unparser
    rspec (3.10.0)
      rspec-core (~> 3.10.0)
      rspec-expectations (~> 3.10.0)
      rspec-mocks (~> 3.10.0)
    rspec-core (3.10.2)
      rspec-support (~> 3.10.0)
    rspec-expectations (3.10.2)
      diff-lcs (>= 1.2.0, < 2.0)
      rspec-support (~> 3.10.0)
    rspec-mocks (3.10.3)
      diff-lcs (>= 1.2.0, < 2.0)
      rspec-support (~> 3.10.0)
    rspec-support (3.10.3)
    sorbet (0.5.9589)
      sorbet-static (= 0.5.9589)
    sorbet-runtime (0.5.9589)
    sorbet-static (0.5.9589-universal-darwin-14)
    sorbet-static (0.5.9589-universal-darwin-15)
    sorbet-static (0.5.9589-universal-darwin-16)
    sorbet-static (0.5.9589-universal-darwin-17)
    sorbet-static (0.5.9589-universal-darwin-18)
    sorbet-static (0.5.9589-universal-darwin-19)
    sorbet-static (0.5.9589-universal-darwin-20)
    sorbet-static (0.5.9589-universal-darwin-21)
    sorbet-static (0.5.9589-x86_64-linux)
    spoom (1.1.8)
      sorbet (>= 0.5.9204)
      sorbet-runtime (>= 0.5.9204)
      thor (>= 0.19.2)
    tapioca (0.6.3)
      bundler (>= 1.17.3)
      pry (>= 0.12.2)
      rbi (~> 0.0.0, >= 0.0.9)
      sorbet-runtime (>= 0.5.9204)
      sorbet-static (>= 0.5.9204)
      spoom (~> 1.1.0, >= 1.1.4)
      thor (>= 1.2.0)
      yard-sorbet
    thor (1.2.1)
    unparser (0.6.3)
      diff-lcs (~> 1.3)
      parser (>= 3.1.0)
    webrick (1.7.0)
    yard (0.9.27)
      webrick (~> 1.7.0)
    yard-sorbet (0.6.1)
      sorbet-runtime (>= 0.5)
      yard (>= 0.9)

PLATFORMS
  ruby

DEPENDENCIES
  awesome_print
  bundler (~> 2.2.16)
  hashdiff
  parse_packwerk!
  rake
  rspec (~> 3.0)
  sorbet
  tapioca

BUNDLED WITH
   2.2.29
