GIT
  remote: https://github.com/shageman/parse_packwerk.git
  revision: 40e09753aa4685bdd5c089f4016ed232240b5333
  specs:
    parse_packwerk (0.19.3)
      sorbet-runtime

PATH
  remote: .
  specs:
    visualize_packwerk (0.2.2)
      packs
      parse_packwerk

GEM
  remote: https://rubygems.org/
  specs:
    diff-lcs (1.5.0)
    packs (0.0.6)
      sorbet-runtime
    rspec (3.12.0)
      rspec-core (~> 3.12.0)
      rspec-expectations (~> 3.12.0)
      rspec-mocks (~> 3.12.0)
    rspec-core (3.12.2)
      rspec-support (~> 3.12.0)
    rspec-expectations (3.12.3)
      diff-lcs (>= 1.2.0, < 2.0)
      rspec-support (~> 3.12.0)
    rspec-mocks (3.12.6)
      diff-lcs (>= 1.2.0, < 2.0)
      rspec-support (~> 3.12.0)
    rspec-support (3.12.1)
    sorbet-runtime (0.5.10932)

PLATFORMS
  arm64-darwin-20
  arm64-darwin-21
  arm64-darwin-22
  x86_64-darwin-19
  x86_64-linux

DEPENDENCIES
  bundler
  parse_packwerk!
  rspec (~> 3.12)
  visualize_packwerk!

BUNDLED WITH
   2.3.21
